GEM
  remote: https://rubygems.org/
  specs:
    discordrb (3.4.0)
      discordrb-webhooks (~> 3.3.0)
      ffi (>= 1.9.24)
      opus-ruby
      rest-client (>= 2.0.0)
      websocket-client-simple (>= 0.3.0)
    discordrb-webhooks (3.3.0)
      rest-client (>= 2.1.0.rc1)
    domain_name (0.5.20190701)
      unf (>= 0.0.5, < 1.0.0)
    dotenv (2.7.6)
    event_emitter (0.2.6)
    ffi (1.15.0)
    http-accept (1.7.0)
    http-cookie (1.0.3)
      domain_name (~> 0.5)
    mime-types (3.3.1)
      mime-types-data (~> 3.2015)
    mime-types-data (3.2021.0225)
    netrc (0.11.0)
    opus-ruby (1.0.1)
      ffi
    owoify_rb (0.1.0)
    rbs (1.1.1)
    rest-client (2.1.0)
      http-accept (>= 1.7.0, < 2.0)
      http-cookie (>= 1.0.2, < 2.0)
      mime-types (>= 1.16, < 4.0)
      netrc (~> 0.8)
    sorbet (0.5.6382)
      sorbet-static (= 0.5.6382)
    sorbet-runtime (0.5.6382)
    sorbet-static (0.5.6382-universal-darwin-20)
    unf (0.1.4)
      unf_ext
    unf_ext (0.0.7.7)
    websocket (1.2.9)
    websocket-client-simple (0.3.0)
      event_emitter
      websocket

PLATFORMS
  arm64-darwin-20
  x86_64-darwin-20

DEPENDENCIES
  discordrb
  dotenv
  owoify_rb
  rbs
  sorbet
  sorbet-runtime

BUNDLED WITH
   2.2.15
